GEM
  remote: http://rubygems.org/
  specs:
    cinch (1.0.2)
    daemons (1.1.0)
    require_all (1.2.0)

PLATFORMS
  ruby

DEPENDENCIES
  cinch
  daemons
  require_all
